PATH
  remote: .
  specs:
    dns-zonefile (1.0.4)
      polyglot
      treetop

GEM
  remote: http://rubygems.org/
  specs:
    diff-lcs (1.1.3)
    polyglot (0.3.3)
    rake (0.9.2.2)
    rspec (2.6.0)
      rspec-core (~> 2.6.0)
      rspec-expectations (~> 2.6.0)
      rspec-mocks (~> 2.6.0)
    rspec-core (2.6.4)
    rspec-expectations (2.6.0)
      diff-lcs (~> 1.1.2)
    rspec-mocks (2.6.0)
    treetop (1.4.10)
      polyglot
      polyglot (>= 0.3.1)

PLATFORMS
  ruby

DEPENDENCIES
  dns-zonefile!
  rake
  rspec (= 2.6)
